GEM
  remote: http://rubygems.org/
  specs:
    active-fedora (2.3.3)
      activeresource
      equivalent-xml
      facets
      mediashelf-loggable
      mime-types (>= 1.16)
      multipart-post
      nokogiri
      om (>= 1.0)
      solr-ruby (>= 0.0.6)
      solrizer (> 1.0.0)
      xml-simple (>= 1.0.12)
    activeresource (2.3.12)
      activesupport (= 2.3.12)
    activesupport (2.3.12)
    builder (3.0.0)
    columnize (0.3.4)
    cucumber (1.0.2)
      builder (>= 2.1.2)
      diff-lcs (>= 1.1.2)
      gherkin (~> 2.4.5)
      json (>= 1.4.6)
      term-ansicolor (>= 1.0.5)
    daemons (1.1.4)
    diff-lcs (1.1.2)
    equivalent-xml (0.2.7)
      nokogiri (>= 1.4.3)
    facets (2.9.1)
    fastercsv (1.5.4)
    gherkin (2.4.5)
      json (>= 1.4.6)
    json (1.5.3)
    linecache (0.46)
      rbx-require-relative (> 0.0.4)
    mediashelf-loggable (0.4.2)
    mime-types (1.16)
    multipart-post (1.1.3)
    nokogiri (1.4.3.1)
    om (1.2.5)
      nokogiri (>= 1.4.2)
    rake (0.9.2)
    rbx-require-relative (0.0.5)
    rcov (0.9.9)
    rsolr (0.12.1)
      builder (>= 2.1.2)
    rsolr-ext (0.12.1)
      rsolr (>= 0.12.1)
    rspec (2.6.0)
      rspec-core (~> 2.6.0)
      rspec-expectations (~> 2.6.0)
      rspec-mocks (~> 2.6.0)
    rspec-core (2.6.4)
    rspec-expectations (2.6.0)
      diff-lcs (~> 1.1.2)
    rspec-mocks (2.6.0)
    ruby-debug (0.10.4)
      columnize (>= 0.1)
      ruby-debug-base (~> 0.10.4.0)
    ruby-debug-base (0.10.4)
      linecache (>= 0.3)
    ruby-debug-ide (0.4.16)
      rake (>= 0.8.1)
    solr-ruby (0.0.8)
    solrizer (1.1.0)
      daemons
      mediashelf-loggable
      nokogiri
      om (>= 1.0.0)
      stomp
      xml-simple
    solrizer-fedora (1.1.0)
      active-fedora (>= 2.3.0)
      fastercsv
      rsolr
      solr-ruby (>= 0.0.6)
      solrizer (>= 1.0.0)
    stomp (1.1.9)
    term-ansicolor (1.0.6)
    xml-simple (1.1.0)
    yard (0.7.2)

PLATFORMS
  ruby

DEPENDENCIES
  active-fedora (>= 2.1.0)
  cucumber
  nokogiri (= 1.4.3.1)
  om (>= 1.0.1)
  rake
  rcov
  rsolr (= 0.12.1)
  rsolr-ext (= 0.12.1)
  rspec
  ruby-debug
  ruby-debug-base
  ruby-debug-ide
  solr-ruby
  solrizer (>= 0.3.1)
  solrizer-fedora (>= 0.1.1)
  yard
