GEM
  remote: http://rubygems.org/
  remote: http://gemcutter.org/
  specs:
    active-fedora (2.1.0)
      active-fedora
      activeresource
      equivalent-xml
      mediashelf-loggable
      mime-types (>= 1.16)
      multipart-post
      nokogiri
      om (>= 1.0)
      solr-ruby (>= 0.0.6)
      solrizer (> 1.0.0)
      xml-simple (>= 1.0.12)
    activeresource (2.3.11)
      activesupport (= 2.3.11)
    activesupport (2.3.11)
    block_helpers (0.3.3)
      activesupport (>= 2.0)
    builder (3.0.0)
    columnize (0.3.2)
    cucumber (0.10.3)
      builder (>= 2.1.2)
      diff-lcs (>= 1.1.2)
      gherkin (>= 2.3.8)
      json (>= 1.4.6)
      term-ansicolor (>= 1.0.5)
    daemons (1.1.3)
    diff-lcs (1.1.2)
    equivalent-xml (0.2.6)
      nokogiri (>= 1.4.3)
    gherkin (2.3.9)
      json (>= 1.4.6)
    json (1.5.1)
    linecache (0.43)
    mediashelf-loggable (0.4.2)
    mime-types (1.16)
    multipart-post (1.1.2)
    nokogiri (1.4.3.1)
    om (1.2.4)
      nokogiri (>= 1.4.2)
      om
    rake (0.9.0)
    rcov (0.9.9)
    rsolr (0.12.1)
      builder (>= 2.1.2)
    rsolr-ext (0.12.1)
      rsolr (>= 0.12.1)
    rspec (2.6.0)
      rspec-core (~> 2.6.0)
      rspec-expectations (~> 2.6.0)
      rspec-mocks (~> 2.6.0)
    rspec-core (2.6.3)
    rspec-expectations (2.6.0)
      diff-lcs (~> 1.1.2)
    rspec-mocks (2.6.0)
    ruby-debug (0.10.4)
      columnize (>= 0.1)
      ruby-debug-base (~> 0.10.4.0)
    ruby-debug-base (0.10.4)
      linecache (>= 0.3)
    ruby-debug-ide (0.4.16)
      rake (>= 0.8.1)
    solr-ruby (0.0.8)
    solrizer (1.0.4)
      daemons
      mediashelf-loggable
      mediashelf-loggable
      nokogiri
      nokogiri
      nokogiri
      om
      om (>= 1.0.0)
      stomp
      xml-simple
    solrizer-fedora (1.0.3)
      active-fedora (>= 2.0.0)
      rsolr
      solrizer (>= 1.0.0)
    stomp (1.1.8)
    term-ansicolor (1.0.5)
    xml-simple (1.0.15)
    yard (0.7.1)

PLATFORMS
  ruby

DEPENDENCIES
  active-fedora (= 2.1.0)
  block_helpers
  cucumber (>= 0.8.5)
  nokogiri (= 1.4.3.1)
  om (>= 1.0.1)
  rake
  rcov
  rsolr (= 0.12.1)
  rsolr-ext (= 0.12.1)
  rspec (> 2.0.0)
  ruby-debug
  ruby-debug-base
  ruby-debug-ide
  solr-ruby
  solrizer (>= 0.3.1)
  solrizer-fedora (>= 0.1.1)
  yard
